PATH
  remote: .
  specs:
    migrake-sql_store (0.1.0)
      migrake (~> 0.2)
      sequel

GEM
  remote: https://rubygems.org/
  specs:
    migrake (0.2.0)
      rake (>= 0.9.2)
    minitest (5.14.4)
    rake (13.0.3)
    sequel (5.44.0)
    sqlite3 (1.4.2)

PLATFORMS
  ruby

DEPENDENCIES
  migrake-sql_store!
  minitest
  sqlite3

BUNDLED WITH
   2.1.4
